{
	"Modality": "MR",
	"MagneticFieldStrength": 7,
	"ImagingFrequency": 297.194,
	"Manufacturer": "Siemens",
	"ManufacturersModelName": "Investigational_Device_7T_Plus",
	"InstitutionName": "Beijing_MRI_Center_for_Brain_Research",
	"InstitutionalDepartmentName": "Beijing_MRI_Center_for_Brain_Research",
	"InstitutionAddress": "Datun_15_Beijing_Chaoyang_CN_100101",
	"DeviceSerialNumber": "18925",
	"StationName": "AWP18925",
	"BodyPartExamined": "BRAIN",
	"PatientPosition": "HFS",
	"ProcedureStepDescription": "zhzhang_Clinical",
	"SoftwareVersions": "syngo_MR_E12",
	"MRAcquisitionType": "3D",
	"SeriesDescription": "MP2RAGE_UP_INV2",
	"ProtocolName": "MP2RAGE_UP",
	"ScanningSequence": "GR_IR",
	"SequenceVariant": "SK_SP_MP",
	"ScanOptions": "IR",
	"SequenceName": "ns_tfl3d1_16ns",
	"ImageType": ["ORIGINAL", "PRIMARY", "M", "ND"],
	"SeriesNumber": 3,
	"AcquisitionTime": "18:13:22.717500",
	"AcquisitionNumber": 1,
	"SliceThickness": 0.7,
	"SAR": 0.0722629,
	"EchoTime": 0.00243,
	"RepetitionTime": 4,
	"InversionTime": 2.43,
	"FlipAngle": 4,
	"PartialFourier": 1,
	"BaseResolution": 320,
	"ShimSetting": [
		-79,
		4940,
		555,
		611,
		-100,
		-774,
		274,
		1337	],
	"TxRefAmp": 261.548,
	"PhaseResolution": 1,
	"ReceiveCoilName": "8Tx32Rx_Head",
	"ReceiveCoilActiveElements": "AC",
	"PulseSequenceDetails": "%CustomerSeq%_ns_tfl",
	"RefLinesPE": 32,
	"ConsistencyInfo": "N4_VE12U_LATEST_20181126",
	"PercentPhaseFOV": 93.75,
	"PhaseEncodingSteps": 298,
	"AcquisitionMatrixPE": 300,
	"ReconMatrixPE": 300,
	"ParallelReductionFactorInPlane": 3,
	"PixelBandwidth": 345,
	"DwellTime": 4.5e-06,
	"ImageOrientationPatientDICOM": [
		0,
		1,
		0,
		0,
		0,
		-1	],
	"InPlanePhaseEncodingDirectionDICOM": "ROW",
	"ConversionSoftware": "dcm2niix",
	"ConversionSoftwareVersion": "v1.0.20190902"
}
